GEM
  remote: http://rubygems.org/
  specs:
    bacon (1.1.0)

PLATFORMS
  ruby

DEPENDENCIES
  bacon
