GEM
  remote: http://rubygems.org/
  specs:
    bacon (1.1.0)
    ffi (1.0.11)
    guard (1.0.3)
      ffi (>= 0.5.0)
      thor (>= 0.14.6)
    guard-process (1.0.3)
      ffi (~> 1.0.9)
      guard (>= 0.4.2)
      spoon (~> 0.0.1)
    spoon (0.0.1)
    thor (0.15.2)

PLATFORMS
  ruby

DEPENDENCIES
  bacon
  guard
  guard-process
